GEM
  remote: http://rubygems.org/
  specs:
    ZenTest (4.6.1)
    autotest (4.4.6)
      ZenTest (>= 4.4.1)
    autotest-notification (2.3.1)
      autotest (~> 4.3)
    awesome_print (0.4.0)
    diff-lcs (1.1.2)
    hirb (0.5.0)
    rspec (2.4.0)
      rspec-core (~> 2.4.0)
      rspec-expectations (~> 2.4.0)
      rspec-mocks (~> 2.4.0)
    rspec-core (2.4.0)
    rspec-expectations (2.4.0)
      diff-lcs (~> 1.1.2)
    rspec-mocks (2.4.0)
    wirble (0.1.3)

PLATFORMS
  ruby

DEPENDENCIES
  autotest (= 4.4.6)
  autotest-notification (= 2.3.1)
  awesome_print
  hirb
  rspec (= 2.4.0)
  wirble
